GEM
  remote: https://rubygems.org/
  specs:
    addressable (2.3.2)
    capybara (1.1.3)
      mime-types (>= 1.16)
      nokogiri (>= 1.3.3)
      rack (>= 1.0.0)
      rack-test (>= 0.5.4)
      selenium-webdriver (~> 2.0)
      xpath (~> 0.1.4)
    childprocess (0.3.6)
      ffi (~> 1.0, >= 1.0.6)
    diff-lcs (1.1.3)
    ffi (1.1.5)
    ffi (1.1.5-java)
    haml (3.1.7)
    libwebsocket (0.1.5)
      addressable
    mime-types (1.19)
    mini_portile2 (2.5.0)
    multi_json (1.3.7)
    mustermann (1.1.1)
      ruby2_keywords (~> 0.0.1)
    nokogiri (1.11.1)
      mini_portile2 (~> 2.5.0)
      racc (~> 1.4)
    nokogiri (1.11.1-java)
      racc (~> 1.4)
    racc (1.5.2)
    racc (1.5.2-java)
    rack (2.2.3)
    rack-protection (2.1.0)
      rack
    rack-test (0.6.2)
      rack (>= 1.0)
    rspec (2.11.0)
      rspec-core (~> 2.11.0)
      rspec-expectations (~> 2.11.0)
      rspec-mocks (~> 2.11.0)
    rspec-core (2.11.1)
    rspec-expectations (2.11.3)
      diff-lcs (~> 1.1.3)
    rspec-mocks (2.11.3)
    ruby2_keywords (0.0.4)
    rubyzip (0.9.9)
    selenium-webdriver (2.26.0)
      childprocess (>= 0.2.5)
      libwebsocket (~> 0.1.3)
      multi_json (~> 1.0)
      rubyzip
    sinatra (2.1.0)
      mustermann (~> 1.0)
      rack (~> 2.2)
      rack-protection (= 2.1.0)
      tilt (~> 2.0)
    tilt (2.0.10)
    xpath (0.1.4)
      nokogiri (~> 1.3)

PLATFORMS
  java
  ruby

DEPENDENCIES
  capybara
  haml
  rspec
  sinatra

RUBY VERSION
   ruby 2.7.1p83

BUNDLED WITH
   2.1.4
